GEM
  remote: https://rubygems.org/
  specs:
    addressable (2.3.6)
    amazon-ecs (2.3.0)
      nokogiri (~> 1.4)
      ruby-hmac (~> 0.3)
    anemone (0.7.2)
      nokogiri (>= 1.3.0)
      robotex (>= 1.0.0)
    autopagerize (0.1.0)
      addressable
      httpclient
      nokogiri
    bson (1.11.1)
    bson_ext (1.11.1)
      bson (~> 1.11.1)
    capybara (2.4.4)
      mime-types (>= 1.16)
      nokogiri (>= 1.3.3)
      rack (>= 1.0.0)
      rack-test (>= 0.5.4)
      xpath (~> 2.0)
    childprocess (0.5.5)
      ffi (~> 1.0, >= 1.0.11)
    cliver (0.3.2)
    ffi (1.9.6)
    google-search (1.0.3)
      json
    httpclient (2.6.0.1)
    json (1.8.2)
    mime-types (2.4.3)
    mini_portile (0.6.2)
    mongo (1.11.1)
      bson (= 1.11.1)
    multi_json (1.10.1)
    nokogiri (1.6.6.2)
      mini_portile (~> 0.6.0)
    parallel (1.3.3)
    poltergeist (1.5.1)
      capybara (~> 2.1)
      cliver (~> 0.3.1)
      multi_json (~> 1.0)
      websocket-driver (>= 0.2.0)
    rack (1.6.0)
    rack-test (0.6.3)
      rack (>= 1.0)
    robotex (1.0.0)
    ruby-hmac (0.4.0)
    rubyzip (1.1.6)
    selenium-webdriver (2.44.0)
      childprocess (~> 0.5)
      multi_json (~> 1.0)
      rubyzip (~> 1.0)
      websocket (~> 1.0)
    sqlite3 (1.3.10)
    websocket (1.2.1)
    websocket-driver (0.5.1)
      websocket-extensions (>= 0.1.0)
    websocket-extensions (0.1.1)
    xpath (2.0.0)
      nokogiri (~> 1.3)

PLATFORMS
  ruby

DEPENDENCIES
  amazon-ecs
  anemone
  autopagerize
  bson_ext
  google-search
  mongo
  parallel
  poltergeist
  selenium-webdriver
  sqlite3
